NUGET
  remote: https://www.nuget.org/api/v2
    NuGet.CommandLine (3.4.3)
    Paket (3.23.2)
