NUGET
  remote: https://www.nuget.org/api/v2
    Mono.NuGet (2.8.5-beta-1)
    Paket (3.23.2)
